Brain Vision Data Exchange Header File Version 2.0
; Data created from history path: txcn_05/Raw Data/EC (emg, C, status)/AddEOGs /Filters/F notch/LP 50 Hz

[Common Infos]
Codepage=UTF-8
DataFile=txcn_05.eeg
MarkerFile=txcn_05.vmrk
DataFormat=BINARY
; Data orientation: VECTORIZED=ch1,pt1, ch1,pt2..., MULTIPLEXED=ch1,pt1, ch2,pt1 ...
DataOrientation=VECTORIZED
DataType=TIMEDOMAIN
NumberOfChannels=72
DataPoints=3690496
; Sampling interval in microseconds if time domain (convert to Hertz:
; 1000000 / SamplingInterval) or in Hertz if frequency domain:
SamplingInterval=488.28125

[User Infos]
; Each entry: Prop<Number>=<Type>,<Name>,<Value>,<Value2>,...,<ValueN>
; Property number must be unique. Types can be int, single, string, bool, byte, double, uint
; or arrays of those, indicated int-array etc
; Array types have more than one value, number of values determines size of array.
; Fields are delimited by commas, commas in strings are written \1

[Binary Infos]
BinaryFormat=IEEE_FLOAT_32

[Channel Infos]
; Each entry: Ch<Channel number>=<Name>,<Reference channel name>,
; <Resolution in "Unit">,<Unit>, Future extensions...
; Fields are delimited by commas, some fields might be omitted (empty).
; Commas in channel names are coded as "\1".
Ch1=HEOG,,,µV
Ch2=VEOG,,,µV
Ch3=Fp1,,,µV
Ch4=AF7,,,µV
Ch5=AF3,,,µV
Ch6=F1,,,µV
Ch7=F3,,,µV
Ch8=F5,,,µV
Ch9=F7,,,µV
Ch10=FT7,,,µV
Ch11=FC5,,,µV
Ch12=FC3,,,µV
Ch13=FC1,,,µV
Ch14=C1,,,µV
Ch15=C3,,,µV
Ch16=C5,,,µV
Ch17=T7,,,µV
Ch18=TP7,,,µV
Ch19=CP5,,,µV
Ch20=CP3,,,µV
Ch21=CP1,,,µV
Ch22=P1,,,µV
Ch23=P3,,,µV
Ch24=P5,,,µV
Ch25=P7,,,µV
Ch26=P9,,,µV
Ch27=PO7,,,µV
Ch28=PO3,,,µV
Ch29=O1,,,µV
Ch30=Iz,,,µV
Ch31=Oz,,,µV
Ch32=POz,,,µV
Ch33=Pz,,,µV
Ch34=CPz,,,µV
Ch35=Fpz,,,µV
Ch36=Fp2,,,µV
Ch37=AF8,,,µV
Ch38=AF4,,,µV
Ch39=AFz,,,µV
Ch40=Fz,,,µV
Ch41=F2,,,µV
Ch42=F4,,,µV
Ch43=F6,,,µV
Ch44=F8,,,µV
Ch45=FT8,,,µV
Ch46=FC6,,,µV
Ch47=FC4,,,µV
Ch48=FC2,,,µV
Ch49=FCz,,,µV
Ch50=Cz,,,µV
Ch51=C2,,,µV
Ch52=C4,,,µV
Ch53=C6,,,µV
Ch54=T8,,,µV
Ch55=TP8,,,µV
Ch56=CP6,,,µV
Ch57=CP4,,,µV
Ch58=CP2,,,µV
Ch59=P2,,,µV
Ch60=P4,,,µV
Ch61=P6,,,µV
Ch62=P8,,,µV
Ch63=P10,,,µV
Ch64=PO8,,,µV
Ch65=PO4,,,µV
Ch66=O2,,,µV
Ch67=EXG1,,,µV
Ch68=EXG2,,,µV
Ch69=EXG3,,,µV
Ch70=EXG4,,,µV
Ch71=TP9,,,µV
Ch72=TP10,,,µV

[Channel User Infos]
; Each entry: Prop<Number>=Ch<ChannelNumber>,<Type>,<Name>,<Value>,<Value2>,...,<ValueN>
; Property number must be unique. Types can be int, single, string, bool, byte, double, uint
; or arrays of those, indicated int-array etc
; Array types have more than one value, number of values determines size of array.
; Fields are delimited by commas, commas in strings are written \1
; Properties are assigned to channels using their channel number.

[Coordinates]
; Each entry: Ch<Channel number>=<Radius>,<Theta>,<Phi>
Ch1=0,0,0
Ch2=0,0,0
Ch3=1,-90,-72
Ch4=1,-90,-54
Ch5=1,-74,-68
Ch6=1,-49,-68
Ch7=1,-60,-51
Ch8=1,-74,-41
Ch9=1,-90,-36
Ch10=1,-90,-18
Ch11=1,-69,-21
Ch12=1,-49,-29
Ch13=1,-31,-46
Ch14=1,-23,0
Ch15=1,-45,0
Ch16=1,-68,0
Ch17=1,-90,0
Ch18=1,-90,18
Ch19=1,-69,21
Ch20=1,-49,29
Ch21=1,-31,46
Ch22=1,-49,68
Ch23=1,-60,51
Ch24=1,-74,41
Ch25=1,-90,36
Ch26=1,-113,36
Ch27=1,-90,54
Ch28=1,-74,68
Ch29=1,-90,72
Ch30=1,112,-90
Ch31=1,90,-90
Ch32=1,67,-90
Ch33=1,45,-90
Ch34=1,22,-90
Ch35=1,90,90
Ch36=1,90,72
Ch37=1,90,54
Ch38=1,74,68
Ch39=1,67,90
Ch40=1,45,90
Ch41=1,49,68
Ch42=1,60,51
Ch43=1,74,41
Ch44=1,90,36
Ch45=1,90,18
Ch46=1,69,21
Ch47=1,49,29
Ch48=1,31,46
Ch49=1,23,90
Ch50=1,0,0
Ch51=1,23,0
Ch52=1,45,0
Ch53=1,68,0
Ch54=1,90,0
Ch55=1,90,-18
Ch56=1,69,-21
Ch57=1,49,-29
Ch58=1,31,-46
Ch59=1,49,-68
Ch60=1,60,-51
Ch61=1,74,-41
Ch62=1,90,-36
Ch63=1,113,-36
Ch64=1,90,-54
Ch65=1,74,-68
Ch66=1,90,-72
Ch67=0,0,0
Ch68=0,0,0
Ch69=0,0,0
Ch70=0,0,0
Ch71=0,0,0
Ch72=0,0,0
